GEM
  remote: https://rubygems.org/
  specs:
    byebug (11.1.3)
    coderay (1.1.3)
    method_source (1.0.0)
    nokogiri (1.15.4-x86_64-linux)
      racc (~> 1.4)
    pg (1.5.4)
    pry (0.14.2)
      coderay (~> 1.1)
      method_source (~> 1.0)
    pry-byebug (3.10.1)
      byebug (~> 11.0)
      pry (>= 0.13, < 0.15)
    racc (1.7.1)
    reverse_markdown (2.1.1)
      nokogiri

PLATFORMS
  x86_64-linux

DEPENDENCIES
  pg
  pry
  pry-byebug
  reverse_markdown

BUNDLED WITH
   2.4.14
